GEM
  remote: https://rubygems.org/
  specs:
    autoprefixer-rails (6.0.2)
      execjs
      json
    daemons (1.2.3)
    eventmachine (1.0.8)
    execjs (2.6.0)
    json (1.8.3)
    rack (1.6.4)
    sass (3.4.18)
    thin (1.6.3)
      daemons (~> 1.0, >= 1.0.9)
      eventmachine (~> 1.0)
      rack (~> 1.0)

PLATFORMS
  ruby

DEPENDENCIES
  autoprefixer-rails
  rack
  sass
  thin

BUNDLED WITH
   1.10.6
